GIT
  remote: https://github.com/openware/ruby-jwt
  revision: 5b146ee5d3d9266455a21e49e82febc1ab0d51b8
  specs:
    jwt (2.3.0.dev)

PATH
  remote: .
  specs:
    jwt-multisig (1.0.4)
      activesupport (>= 4.0)

GEM
  remote: https://rubygems.org/
  specs:
    activesupport (6.0.3.4)
      concurrent-ruby (~> 1.0, >= 1.0.2)
      i18n (>= 0.7, < 2)
      minitest (~> 5.1)
      tzinfo (~> 1.1)
      zeitwerk (~> 2.2, >= 2.2.2)
    concurrent-ruby (1.1.7)
    i18n (1.8.5)
      concurrent-ruby (~> 1.0)
    memoist (0.16.2)
    minitest (5.14.2)
    power_assert (1.2.0)
    rake (12.3.3)
    test-unit (3.3.6)
      power_assert
    thread_safe (0.3.6)
    tzinfo (1.2.7)
      thread_safe (~> 0.1)
    zeitwerk (2.4.0)

PLATFORMS
  ruby

DEPENDENCIES
  bundler (~> 1.17)
  jwt!
  jwt-multisig!
  memoist (~> 0.16)
  rake (~> 12.3)
  test-unit (~> 3.1)

BUNDLED WITH
   1.17.3
